GEM
  remote: http://rubygems.org/
  specs:
    diff-lcs (1.1.3)
    eventmachine (1.0.0)
    eventmachine (1.0.0-java)
    ffaker (1.15.0)
    http_parser.rb (0.5.3)
    http_parser.rb (0.5.3-java)
    rack (1.4.2)
    rspec (2.12.0)
      rspec-core (~> 2.12.0)
      rspec-expectations (~> 2.12.0)
      rspec-mocks (~> 2.12.0)
    rspec-core (2.12.2)
    rspec-expectations (2.12.1)
      diff-lcs (~> 1.1.3)
    rspec-mocks (2.12.1)

PLATFORMS
  java
  ruby

DEPENDENCIES
  eventmachine
  ffaker
  http_parser.rb
  rack
  rspec
